GIT
  remote: git://github.com/collectiveidea/devise-mongo_mapper
  revision: fa2f20310e0988295adc192255d3b1cedee1b412
  specs:
    devise-mongo_mapper (0.0.1)
      devise (~> 1.1.0)

GIT
  remote: git://github.com/jnunemaker/mongomapper
  revision: de8f8f3171f687f8d65b87ba7c7d3b1cb6e3bbe6
  branch: rails3
  specs:
    mongo_mapper (0.8.6)
      activemodel (~> 3.0.0)
      activesupport (~> 3.0.0)
      plucky (~> 0.3.6)

GEM
  remote: http://rubygems.org/
  specs:
    ZenTest (4.4.2)
    abstract (1.0.0)
    actionmailer (3.0.3)
      actionpack (= 3.0.3)
      mail (~> 2.2.9)
    actionpack (3.0.3)
      activemodel (= 3.0.3)
      activesupport (= 3.0.3)
      builder (~> 2.1.2)
      erubis (~> 2.6.6)
      i18n (~> 0.4)
      rack (~> 1.2.1)
      rack-mount (~> 0.6.13)
      rack-test (~> 0.5.6)
      tzinfo (~> 0.3.23)
    activemodel (3.0.3)
      activesupport (= 3.0.3)
      builder (~> 2.1.2)
      i18n (~> 0.4)
    activerecord (3.0.3)
      activemodel (= 3.0.3)
      activesupport (= 3.0.3)
      arel (~> 2.0.2)
      tzinfo (~> 0.3.23)
    activeresource (3.0.3)
      activemodel (= 3.0.3)
      activesupport (= 3.0.3)
    activesupport (3.0.3)
    arel (2.0.6)
    autotest (4.4.6)
      ZenTest (>= 4.4.1)
    bcrypt-ruby (2.1.3)
    bson (1.1)
    bson_ext (1.1)
    builder (2.1.2)
    cancan (1.4.1)
    configuration (1.2.0)
    cucumber (0.9.0)
      builder (~> 2.1.2)
      diff-lcs (~> 1.1.2)
      gherkin (~> 2.2.2)
      json (~> 1.4.6)
      term-ansicolor (~> 1.0.5)
    cucumber-rails (0.3.2)
      cucumber (>= 0.8.0)
    database_cleaner (0.6.0)
    devise (1.1.3)
      bcrypt-ruby (~> 2.1.2)
      warden (~> 0.10.7)
    diff-lcs (1.1.2)
    erubis (2.6.6)
      abstract (>= 1.0.0)
    factory_girl (1.3.2)
    factory_girl_rails (1.0)
      factory_girl (~> 1.3)
      rails (>= 3.0.0.beta4)
    faker (0.9.4)
      i18n (~> 0.4)
    gherkin (2.2.9)
      json (~> 1.4.6)
      term-ansicolor (~> 1.0.5)
    haml (3.0.18)
    haml-rails (0.3.4)
      actionpack (~> 3.0)
      activesupport (~> 3.0)
      haml (~> 3.0)
      railties (~> 3.0)
    heroku (1.10.5)
      json_pure (>= 1.2.0, < 1.5.0)
      launchy (~> 0.3.2)
      rest-client (~> 1.4.0)
    hirb (0.3.5)
    hpricot (0.8.2)
    i18n (0.5.0)
    jquery-rails (0.2.6)
      rails (~> 3.0)
      thor (~> 0.14.4)
    json (1.4.6)
    json_pure (1.4.6)
    launchy (0.3.7)
      configuration (>= 0.0.5)
      rake (>= 0.8.1)
    machinist (1.0.6)
    machinist_mongo (1.1.1)
      machinist (~> 1.0.4)
    mail (2.2.13)
      activesupport (>= 2.3.6)
      i18n (>= 0.4.0)
      mime-types (~> 1.16)
      treetop (~> 1.4.8)
    mime-types (1.16)
    mocha (0.9.10)
      rake
    mongo (1.1)
      bson (>= 1.0.5)
    nifty-generators (0.4.3)
    nokogiri (1.4.4)
    plucky (0.3.6)
      mongo (~> 1.1)
    polyglot (0.3.1)
    rack (1.2.1)
    rack-mount (0.6.13)
      rack (>= 1.0.0)
    rack-test (0.5.7)
      rack (>= 1.0)
    rails (3.0.3)
      actionmailer (= 3.0.3)
      actionpack (= 3.0.3)
      activerecord (= 3.0.3)
      activeresource (= 3.0.3)
      activesupport (= 3.0.3)
      bundler (~> 1.0)
      railties (= 3.0.3)
    rails3-generators (0.17.0)
      railties (>= 3.0.0)
    railties (3.0.3)
      actionpack (= 3.0.3)
      activesupport (= 3.0.3)
      rake (>= 0.8.7)
      thor (~> 0.14.4)
    rake (0.8.7)
    remarkable (4.0.0.alpha4)
      rspec (>= 2.0.0.alpha11)
    remarkable_mongo (0.1.4)
      mongo_mapper (>= 0.7.6)
      remarkable
    responders (0.6.2)
    rest-client (1.4.2)
      mime-types (>= 1.16)
    rspec (2.4.0)
      rspec-core (~> 2.4.0)
      rspec-expectations (~> 2.4.0)
      rspec-mocks (~> 2.4.0)
    rspec-core (2.4.0)
    rspec-expectations (2.4.0)
      diff-lcs (~> 1.1.2)
    rspec-mocks (2.4.0)
    rspec-rails (2.4.1)
      actionpack (~> 3.0)
      activesupport (~> 3.0)
      railties (~> 3.0)
      rspec (~> 2.4.0)
    ruby_parser (2.0.5)
      sexp_processor (~> 3.0)
    sexp_processor (3.0.5)
    simplecov (0.3.6)
      simplecov-html (>= 0.3.7)
    simplecov-html (0.3.9)
    spork (0.8.4)
    term-ansicolor (1.0.5)
    thor (0.14.6)
    treetop (1.4.9)
      polyglot (>= 0.3.1)
    tzinfo (0.3.23)
    unicode (0.4.0)
    warden (0.10.7)
      rack (>= 1.0.0)
    webrat (0.7.3)
      nokogiri (>= 1.2.0)
      rack (>= 1.0)
      rack-test (>= 0.5.3)
    will_paginate (3.0.pre2)
    wirble (0.1.3)

PLATFORMS
  ruby

DEPENDENCIES
  autotest
  bson (= 1.1)
  bson_ext (= 1.1)
  cancan
  cucumber
  cucumber-rails (= 0.3.2)
  database_cleaner
  devise (= 1.1.3)
  devise-mongo_mapper!
  factory_girl_rails
  faker
  haml
  haml-rails
  heroku (= 1.10.5)
  hirb
  hpricot (= 0.8.2)
  jquery-rails
  launchy
  machinist (= 1.0.6)
  machinist_mongo
  mocha
  mongo (= 1.1)
  mongo_mapper!
  nifty-generators
  nokogiri
  rails (= 3.0.3)
  rails3-generators
  remarkable
  remarkable_mongo
  responders (= 0.6.2)
  rspec (>= 2.0.0)
  rspec-rails (>= 2.0.0)
  ruby_parser (= 2.0.5)
  simplecov (= 0.3.6)
  spork
  unicode
  webrat
  will_paginate (= 3.0.pre2)
  wirble
